GEM
  remote: http://rubygems.org/
  specs:
    activerecord (3.2.14)
    activesupport (3.0.4)
    diff-lcs (1.1.2)
    eventful (1.0.0)
      methodphitamine
    methodphitamine (1.0.0)
    rspec (2.5.0)
      rspec-core (~> 2.5.0)
      rspec-expectations (~> 2.5.0)
      rspec-mocks (~> 2.5.0)
    rspec-core (2.5.1)
    rspec-expectations (2.5.0)
      diff-lcs (~> 1.1.2)
    rspec-mocks (2.5.0)
    sqlite3-ruby (1.3.1)
    uuidtools (2.1.1)
    yajl-ruby (0.7.7)

PLATFORMS
  ruby

DEPENDENCIES
  activerecord (>= 3.0.0)
  activesupport (>= 3.0.0)
  eventful (= 1.0.0)
  rspec (>= 2.5.0)
  sqlite3-ruby (~> 1.3.1)
  uuidtools
  yajl-ruby
